GIT
  remote: git://github.com/clearsightstudio/ProMotion.git
  revision: eb484fddb924753e98e2e675696aa2562d776abd
  specs:
    ProMotion (2.0.1)
      methadone (~> 1.7)

GIT
  remote: git://github.com/rubymotion/BubbleWrap.git
  revision: d86626b7a464932a7eefbe14cf1b1a0d269cf6d1
  specs:
    bubble-wrap (1.7.1)
      bubble-wrap-http (= 1.7.1)

GEM
  remote: https://rubygems.org/
  specs:
    activesupport (3.2.19)
      i18n (~> 0.6, >= 0.6.4)
      multi_json (~> 1.0)
    bubble-wrap-http (1.7.1)
    claide (0.7.0)
    cocoapods (0.34.2)
      activesupport (>= 3.2.15, < 4)
      claide (~> 0.7.0)
      cocoapods-core (= 0.34.2)
      cocoapods-downloader (~> 0.7.2)
      cocoapods-plugins (~> 0.3.1)
      cocoapods-trunk (~> 0.3.0)
      cocoapods-try (~> 0.4.1)
      colored (~> 1.2)
      escape (~> 0.0.4)
      json_pure (~> 1.8)
      nap (~> 0.8)
      open4 (~> 1.3)
      xcodeproj (~> 0.19.2)
    cocoapods-core (0.34.2)
      activesupport (>= 3.2.15)
      fuzzy_match (~> 2.0.4)
      json_pure (~> 1.8)
      nap (~> 0.8.0)
    cocoapods-downloader (0.7.2)
    cocoapods-plugins (0.3.1)
      nap
    cocoapods-trunk (0.3.0)
      json_pure (~> 1.8)
      nap (>= 0.8)
      netrc
    cocoapods-try (0.4.1)
    colored (1.2)
    escape (0.0.4)
    formotion (1.8)
      bubble-wrap (>= 1.4.0)
      motion-require (>= 0.1.0)
    fuzzy_match (2.0.4)
    i18n (0.6.11)
    json_pure (1.8.1)
    methadone (1.7.0)
      bundler
    motion-cocoapods (1.6.0)
      cocoapods (>= 0.34)
    motion-require (0.2.0)
    motion_print (0.0.3)
    multi_json (1.10.1)
    nap (0.8.0)
    netrc (0.7.7)
    open4 (1.3.4)
    rake (10.3.2)
    reset-sim (1.0)
    xcodeproj (0.19.3)
      activesupport (~> 3.0)
      colored (~> 1.2)

PLATFORMS
  ruby

DEPENDENCIES
  ProMotion!
  bubble-wrap!
  cocoapods
  formotion
  motion-cocoapods
  motion_print
  rake (>= 0.9.4)
  reset-sim
