GIT
  remote: git://github.com/clearsightstudio/ProMotion.git
  revision: 004fe1692004b17e4fc15b73e3c330ca3ca247c9
  branch: edge
  specs:
    ProMotion (1.1.1)
      methadone
      motion-require (>= 0.0.6)

GIT
  remote: git://github.com/markrickert/formotion.git
  revision: 30e32cbde07350ce723c2485578e89e3fc8ed421
  branch: texties
  specs:
    formotion (1.6)
      bubble-wrap (~> 1.4.0)
      motion-require (~> 0.0.3)

GIT
  remote: https://github.com/rubymotion/BubbleWrap
  revision: 117bdbf3894e95d77a6e86f98fd52be5ee0e0c38
  specs:
    bubble-wrap (1.4.0)

GEM
  remote: https://rubygems.org/
  specs:
    activesupport (3.2.16)
      i18n (~> 0.6, >= 0.6.4)
      multi_json (~> 1.0)
    awesome_print_motion (0.1.0)
    claide (0.4.0)
    cocoapods (0.29.0)
      activesupport (>= 3.2.15, < 4)
      claide (~> 0.4.0)
      cocoapods-core (= 0.29.0)
      cocoapods-downloader (~> 0.3.0)
      cocoapods-try-release-fix (~> 0.1.1)
      colored (~> 1.2)
      escape (~> 0.0.4)
      json_pure (~> 1.8)
      nap (~> 0.5)
      open4 (~> 1.3)
      xcodeproj (~> 0.14.1)
    cocoapods-core (0.29.0)
      activesupport (>= 3.2.15, < 4)
      fuzzy_match (~> 2.0.4)
      json_pure (~> 1.8)
      nap (~> 0.5)
    cocoapods-downloader (0.3.0)
    cocoapods-try-release-fix (0.1.1)
    colored (1.2)
    escape (0.0.4)
    fuzzy_match (2.0.4)
    i18n (0.6.9)
    json_pure (1.8.1)
    methadone (1.3.1)
      bundler
    motion-cocoapods (1.4.0)
      cocoapods (>= 0.26.2)
    motion-require (0.0.7)
    multi_json (1.8.4)
    nap (0.6.0)
    open4 (1.3.0)
    rake (10.1.1)
    xcodeproj (0.14.1)
      activesupport (~> 3.0)
      colored (~> 1.2)
      rake

PLATFORMS
  ruby

DEPENDENCIES
  ProMotion!
  awesome_print_motion
  bubble-wrap!
  cocoapods
  formotion!
  motion-cocoapods
  rake (>= 0.9.4)
